GEM
  remote: http://rubygems.org/
  specs:
    case (0.5)
    iobuffer (0.1.3)
    rack (1.2.1)
    rainbows (0.97.0)
      rack (~> 1.1)
      unicorn (>= 1.1.3, < 2.0.0)
    rev (0.3.2)
      iobuffer (>= 0.1.3)
    revactor (0.1.5)
      case (>= 0.4)
      rev (>= 0.3.1)
    unicorn (1.1.3)
      rack

PLATFORMS
  ruby

DEPENDENCIES
  rainbows (~> 0.97.0)
  revactor (~> 0.1.5)
