GEM
  remote: http://rubygems.org/
  specs:
    activemodel (3.0.5)
      activesupport (= 3.0.5)
      builder (~> 2.1.2)
      i18n (~> 0.4)
    activesupport (3.0.5)
    archive-tar-minitar (0.5.2)
    beefcake (0.3.4)
    builder (2.1.2)
    case (0.5.2.1)
    columnize (0.3.4)
    cucumber (1.0.2)
      builder (>= 2.1.2)
      diff-lcs (>= 1.1.2)
      gherkin (~> 2.4.5)
      json (>= 1.4.6)
      term-ansicolor (>= 1.0.5)
    curb (0.7.15)
    diff-lcs (1.1.2)
    gherkin (2.4.5)
      json (>= 1.4.6)
    i18n (0.6.0)
    iobuffer (1.0.0)
    json (1.5.3)
    kgio (2.6.0)
    linecache19 (0.5.12)
      ruby_core_source (>= 0.1.4)
    rack (1.3.1)
    rack-test (0.6.0)
      rack (>= 1.0)
    rainbows (4.0.0)
      kgio (~> 2.4)
      rack (~> 1.1)
      unicorn (~> 4.0)
    raindrops (0.7.0)
    rev (0.3.2)
      iobuffer (>= 0.1.3)
    revactor (0.1.5)
      case (>= 0.4)
      rev (>= 0.3.1)
    riak-client (0.9.5)
      beefcake (~> 0.3.0)
      builder (~> 2.1.2)
      i18n (>= 0.4.0)
    ripple (0.9.5)
      activemodel (~> 3.0.0)
      activesupport (~> 3.0.0)
      riak-client (~> 0.9.5)
    rspec (2.6.0)
      rspec-core (~> 2.6.0)
      rspec-expectations (~> 2.6.0)
      rspec-mocks (~> 2.6.0)
    rspec-core (2.6.4)
    rspec-expectations (2.6.0)
      diff-lcs (~> 1.1.2)
    rspec-mocks (2.6.0)
    ruby-debug-base19 (0.11.25)
      columnize (>= 0.3.1)
      linecache19 (>= 0.5.11)
      ruby_core_source (>= 0.1.4)
    ruby-debug19 (0.11.6)
      columnize (>= 0.3.1)
      linecache19 (>= 0.5.11)
      ruby-debug-base19 (>= 0.11.19)
    ruby_core_source (0.1.5)
      archive-tar-minitar (>= 0.5.2)
    term-ansicolor (1.0.5)
    unicorn (4.0.1)
      kgio (~> 2.4)
      rack
      raindrops (~> 0.6)
    watchr (0.7)

PLATFORMS
  ruby

DEPENDENCIES
  cucumber
  curb
  rack-test
  rainbows
  revactor
  ripple
  rspec
  ruby-debug19
  watchr
