GEM
  remote: http://rubygems.org/
  specs:
    ZenTest (4.4.0)
    activemodel (3.0.0)
      activesupport (= 3.0.0)
      builder (~> 2.1.2)
      i18n (~> 0.4.1)
    activesupport (3.0.0)
    autotest-growl (0.2.5)
    builder (2.1.2)
    case (0.5)
    cucumber (0.8.5)
      builder (~> 2.1.2)
      diff-lcs (~> 1.1.2)
      gherkin (~> 2.1.4)
      json_pure (~> 1.4.3)
      term-ansicolor (~> 1.0.4)
    curb (0.7.8)
    diff-lcs (1.1.2)
    gherkin (2.1.5)
      trollop (~> 1.16.2)
    i18n (0.4.1)
    iobuffer (0.1.3)
    json_pure (1.4.6)
    rack (1.2.1)
    rack-test (0.5.4)
      rack (>= 1.0)
    rainbows (0.97.0)
      rack (~> 1.1)
      unicorn (>= 1.1.3, < 2.0.0)
    rev (0.3.2)
      iobuffer (>= 0.1.3)
    revactor (0.1.5)
      case (>= 0.4)
      rev (>= 0.3.1)
    riak-client (0.8.0)
      activesupport (>= 2.3.5)
      i18n (~> 0.4.0)
    ripple (0.8.0)
      activemodel (= 3.0.0)
      activesupport (= 3.0.0)
      riak-client (= 0.8.0)
    rspec (2.0.0.beta.20)
      rspec-core (= 2.0.0.beta.20)
      rspec-expectations (= 2.0.0.beta.20)
      rspec-mocks (= 2.0.0.beta.20)
    rspec-core (2.0.0.beta.20)
    rspec-expectations (2.0.0.beta.20)
      diff-lcs (>= 1.1.2)
    rspec-mocks (2.0.0.beta.20)
    term-ansicolor (1.0.5)
    trollop (1.16.2)
    unicorn (1.1.3)
      rack

PLATFORMS
  ruby

DEPENDENCIES
  ZenTest
  autotest-growl
  cucumber (~> 0.8.5)
  curb (~> 0.7.8)
  rack-test (~> 0.5.4)
  rainbows (~> 0.97.0)
  revactor (~> 0.1.5)
  ripple (~> 0.8.0)
  rspec (~> 2.0.0.beta.20)
